{
    "AcquisitionMatrixPE": 100,
    "AcquisitionNumber": 1,
    "AcquisitionTime": "14:21:3.245000",
    "BandwidthPerPixelPhaseEncode": 35.714,
    "BaseResolution": 100,
    "BodyPartExamined": "BRAIN",
    "ConsistencyInfo": "N4_VD13D_LATEST_20130810",
    "ConversionSoftware": "dcm2niix",
    "ConversionSoftwareVersion": "v1.0.20190410  (JP2:OpenJPEG) (JP-LS:CharLS) MSC1900",
    "DerivedVendorReportedEchoSpacing": 0.000560004,
    "DeviceSerialNumber": "66035",
    "DiffusionScheme": "Bipolar",
    "DwellTime": 2.4e-06,
    "EchoTime": 0.079,
    "EchoTrainLength": 43,
    "EffectiveEchoSpacing": 0.000280002,
    "FlipAngle": 90,
    "ImageOrientationPatientDICOM": [
        0.996788,
        0.00126201,
        0.0800744,
        3.94129e-09,
        0.999876,
        -0.0157585
    ],
    "ImageType": [
        "ORIGINAL",
        "PRIMARY",
        "DIFFUSION",
        "NONE",
        "ND",
        "NORM",
        "MOSAIC"
    ],
    "ImagingFrequency": 123.256,
    "InPlanePhaseEncodingDirectionDICOM": "COL",
    "InstitutionAddress": "NA",
    "InstitutionName": "NA",
    "InstitutionalDepartmentName": "NA",
    "MRAcquisitionType": "2D",
    "MagneticFieldStrength": 3,
    "Manufacturer": "Siemens",
    "ManufacturersModelName": "Prisma",
    "Modality": "MR",
    "ParallelReductionFactorInPlane": 2,
    "PartialFourier": 0.875,
    "PatientPosition": "HFS",
    "PercentPhaseFOV": 100,
    "PhaseEncodingDirection": "j-",
    "PhaseEncodingSteps": 86,
    "PhaseResolution": 1,
    "PixelBandwidth": 2085,
    "ProcedureStepDescription": "NEVRO_Hode",
    "ProtocolName": "ep2d_diff_qspace_p2",
    "PulseSequenceDetails": "%SiemensSeq%_ep2d_diff",
    "ReceiveCoilActiveElements": "HE1-4",
    "ReceiveCoilName": "HeadNeck_20",
    "ReconMatrixPE": 100,
    "RefLinesPE": 30,
    "RepetitionTime": 7.2,
    "SAR": 0.324578,
    "ScanOptions": "PFP_FS",
    "ScanningSequence": "EP",
    "SequenceName": "_ep_b0",
    "SequenceVariant": "SK_SP",
    "SeriesDescription": "ep2d_diff_qspace_p2",
    "SeriesNumber": 3,
    "ShimSetting": [
        -3971,
        -11644,
        -5413,
        216,
        -49,
        0,
        21,
        -14
    ],
    "SliceThickness": 2.2,
    "SliceTiming": [
        3.59,
        0,
        3.7075,
        0.12,
        3.8275,
        0.2375,
        3.9475,
        0.3575,
        4.0675,
        0.4775,
        4.1875,
        0.5975,
        4.3075,
        0.7175,
        4.4275,
        0.8375,
        4.5475,
        0.9575,
        4.665,
        1.075,
        4.785,
        1.195,
        4.905,
        1.315,
        5.025,
        1.435,
        5.145,
        1.555,
        5.265,
        1.675,
        5.385,
        1.795,
        5.5025,
        1.915,
        5.6225,
        2.0325,
        5.7425,
        2.1525,
        5.8625,
        2.2725,
        5.9825,
        2.3925,
        6.1025,
        2.5125,
        6.2225,
        2.6325,
        6.34,
        2.7525,
        6.46,
        2.87,
        6.58,
        2.99,
        6.7,
        3.11,
        6.82,
        3.23,
        6.94,
        3.35,
        7.06,
        3.47
    ],
    "SoftwareVersions": "syngo_MR_D13D",
    "SpacingBetweenSlices": 2.2,
    "StationName": "NHBEHRTGP3MR",
    "TotalReadoutTime": 0.0277202,
    "TxRefAmp": 329.808
}