{
    "AcquisitionMatrixPE": 64,
    "AcquisitionNumber": 1,
    "AcquisitionTime": "14:37:26.780000",
    "BandwidthPerPixelPhaseEncode": 48.077,
    "BaseResolution": 64,
    "BodyPartExamined": "BRAIN",
    "ConsistencyInfo": "N4_VD13D_LATEST_20130810",
    "ConversionSoftware": "dcm2niix",
    "ConversionSoftwareVersion": "v1.0.20190410  (JP2:OpenJPEG) (JP-LS:CharLS) MSC1900",
    "DerivedVendorReportedEchoSpacing": 0.000649999,
    "DeviceSerialNumber": "66035",
    "DwellTime": 4.4e-06,
    "EchoTime": 0.03,
    "EchoTrainLength": 31,
    "EffectiveEchoSpacing": 0.000324999,
    "FlipAngle": 90,
    "ImageComments": "Reference_volume_for_motion_correction.",
    "ImageOrientationPatientDICOM": [
        0.996788,
        0.00126201,
        0.0800744,
        3.94129e-09,
        0.999876,
        -0.0157585
    ],
    "ImageType": [
        "ORIGINAL",
        "PRIMARY",
        "M",
        "ND",
        "MOCO",
        "MOSAIC"
    ],
    "ImagingFrequency": 123.256,
    "InPlanePhaseEncodingDirectionDICOM": "COL",
    "InstitutionAddress": "NA",
    "InstitutionName": "NA",
    "InstitutionalDepartmentName": "NA",
    "MRAcquisitionType": "2D",
    "MagneticFieldStrength": 3,
    "Manufacturer": "Siemens",
    "ManufacturersModelName": "Prisma",
    "Modality": "MR",
    "ParallelReductionFactorInPlane": 2,
    "PartialFourier": 1,
    "PatientPosition": "HFS",
    "PercentPhaseFOV": 100,
    "PhaseEncodingDirection": "j-",
    "PhaseEncodingSteps": 63,
    "PhaseResolution": 1,
    "PixelBandwidth": 1775,
    "ProcedureStepDescription": "NEVRO_Hode",
    "ProtocolName": "ep2d_bold_moco_p2_3mm_RS_MoCo",
    "PulseSequenceDetails": "%SiemensSeq%_ep2d_bold",
    "ReceiveCoilActiveElements": "HE1-4",
    "ReceiveCoilName": "HeadNeck_20",
    "ReconMatrixPE": 64,
    "RefLinesPE": 24,
    "RepetitionTime": 2.24,
    "SAR": 0.156001,
    "ScanOptions": "FS",
    "ScanningSequence": "EP",
    "SequenceName": "_epfid2d1_64",
    "SequenceVariant": "SK",
    "SeriesDescription": "MoCoSeries",
    "SeriesNumber": 10,
    "ShimSetting": [
        -3970,
        -11649,
        -5417,
        202,
        -48,
        4,
        4,
        -18
    ],
    "SliceThickness": 3,
    "SliceTiming": [
        1.11,
        0,
        1.165,
        0.055,
        1.22,
        0.11,
        1.275,
        0.165,
        1.3325,
        0.2225,
        1.3875,
        0.2775,
        1.4425,
        0.3325,
        1.4975,
        0.3875,
        1.5525,
        0.4425,
        1.61,
        0.5,
        1.665,
        0.555,
        1.72,
        0.61,
        1.775,
        0.665,
        1.83,
        0.72,
        1.8875,
        0.7775,
        1.9425,
        0.8325,
        1.9975,
        0.8875,
        2.0525,
        0.9425,
        2.1075,
        0.9975,
        2.165,
        1.055
    ],
    "SoftwareVersions": "syngo_MR_D13D",
    "SpacingBetweenSlices": 3.3,
    "StationName": "NHBEHRTGP3MR",
    "TaskName": "rest",
    "TotalReadoutTime": 0.020475,
    "TxRefAmp": 329.808
}